GIT
  remote: git://github.com/victormours/chaplin.git
  revision: 1dbc507164b0272ad74820e400ac17b16c78ac2d
  specs:
    chaplin (0.0.0)
      mustache
      pry
      rack

GEM
  remote: https://rubygems.org/
  specs:
    coderay (1.1.0)
    method_source (0.8.2)
    mustache (0.99.6)
    pry (0.10.1)
      coderay (~> 1.1.0)
      method_source (~> 0.8.1)
      slop (~> 3.4)
    rack (1.5.2)
    slop (3.6.0)

PLATFORMS
  ruby

DEPENDENCIES
  chaplin!
