PATH
  remote: /Users/victormours/dev/pace/chaplin
  specs:
    chaplin (0.0.0)
      mustache
      pry
      rack

GEM
  remote: https://rubygems.org/
  specs:
    coderay (1.1.0)
    method_source (0.8.2)
    mustache (0.99.6)
    pry (0.10.0)
      coderay (~> 1.1.0)
      method_source (~> 0.8.1)
      slop (~> 3.4)
    rack (1.5.2)
    slop (3.6.0)

PLATFORMS
  ruby

DEPENDENCIES
  chaplin (= 0.0.0)!
